PATH
  remote: .
  specs:
    ruby-itach-ip2ir (0.0.1)

GEM
  remote: https://rubygems.org/
  specs:
    rake (0.9.2.2)

PLATFORMS
  ruby

DEPENDENCIES
  bundler (~> 1.3)
  rake
  ruby-itach-ip2ir!
